Brain Vision Data Exchange Header File Version 1.0
; Data created by the Vision Recorder

[Common Infos]
Codepage=UTF-8
DataFile=Blink_visual_matrix_22_12_17_04-row_2.avg
MarkerFile=Blink_visual_matrix_22_12_17_04-row_2.vmrk
DataFormat=BINARY
; Data orientation: MULTIPLEXED=ch1,pt1, ch2,pt1 ...
DataOrientation=MULTIPLEXED
NumberOfChannels=5
; Sampling interval in microseconds
SamplingInterval=1000
SegmentationType=MARKERBASED
SegmentDataPoints=1100
Averaged=YES
AveragedSegments=1

[Binary Infos]
BinaryFormat=IEEE_FLOAT_32

[Channel Infos]
; Each entry: Ch<Channel number>=<Name>,<Reference channel name>,
; <Resolution in "Unit">,<Unit>, Future extensions..
; Fields are delimited by commas, some fields might be omitted (empty).
; Commas in channel names are coded as "\1".
Ch1=Fp1,,1,µV
Ch2=Fp2,,1,µV
Ch3=Fz,,1,µV
Ch4=Cz,,1,µV
Ch5=Pz,,1,µV
